PATH
  remote: .
  specs:
    health-data-standards (3.5.3)
      activesupport (~> 4.2)
      builder (~> 3.1)
      erubis (~> 2.7.0)
      log4r (~> 1.1.10)
      memoist (~> 0.9.1)
      mongoid (~> 4.0.0)
      mongoid-tree (~> 1.0.4)
      nokogiri (= 1.6.0)
      protected_attributes (~> 1.0.5)
      rest-client (~> 1.6.7)
      rubyzip (= 0.9.9)
      uuid (~> 2.3.7)

GEM
  remote: http://rubygems.org/
  specs:
    activemodel (4.2.9)
      activesupport (= 4.2.9)
      builder (~> 3.1)
    activesupport (4.2.9)
      i18n (~> 0.7)
      minitest (~> 5.1)
      thread_safe (~> 0.3, >= 0.3.4)
      tzinfo (~> 1.1)
    addressable (2.5.1)
      public_suffix (~> 2.0, >= 2.0.2)
    ansi (1.5.0)
    awesome_print (1.8.0)
    bson (3.2.7)
    builder (3.2.3)
    cane (2.3.0)
      parallel
    coderay (1.1.1)
    connection_pool (2.2.1)
    crack (0.4.3)
      safe_yaml (~> 1.0.0)
    docile (1.1.5)
    erubis (2.7.0)
    factory_girl (4.1.0)
      activesupport (>= 3.0.0)
    hashdiff (0.3.4)
    i18n (0.8.6)
    json (2.1.0)
    log4r (1.1.10)
    log_switch (1.0.0)
    macaddr (1.7.1)
      systemu (~> 2.6.2)
    memoist (0.9.3)
    method_source (0.8.2)
    mime-types (1.25.1)
    mini_portile (0.5.3)
    minitest (5.10.3)
    minitest-reporters (1.1.14)
      ansi
      builder
      minitest (>= 5.0)
      ruby-progressbar
    mongoid (4.0.0)
      activemodel (~> 4.0)
      moped (~> 2.0.0)
      origin (~> 2.1)
      tzinfo (>= 0.3.37)
    mongoid-tree (1.0.4)
      mongoid (>= 3.0, <= 4.0)
    moped (2.0.7)
      bson (~> 3.0)
      connection_pool (~> 2.0)
      optionable (~> 0.2.0)
    nokogiri (1.6.0)
      mini_portile (~> 0.5.0)
    optionable (0.2.0)
    origin (2.3.1)
    parallel (1.12.0)
    protected_attributes (1.0.9)
      activemodel (>= 4.0.1, < 5.0)
    pry (0.9.12.6)
      coderay (~> 1.0)
      method_source (~> 0.8)
      slop (~> 3.4)
    pry-nav (0.2.4)
      pry (>= 0.9.10, < 0.11.0)
    public_suffix (2.0.5)
    rake (12.0.0)
    rest-client (1.6.9)
      mime-types (~> 1.16)
    ruby-progressbar (1.8.1)
    rubyzip (0.9.9)
    safe_yaml (1.0.4)
    simplecov (0.14.1)
      docile (~> 1.1.0)
      json (>= 1.8, < 3)
      simplecov-html (~> 0.10.0)
    simplecov-html (0.10.1)
    slop (3.6.0)
    systemu (2.6.5)
    tailor (1.1.5)
      log_switch (>= 0.3.0)
      term-ansicolor (>= 1.0.5)
      text-table (>= 1.2.2)
    term-ansicolor (1.6.0)
      tins (~> 1.0)
    text-table (1.2.4)
    thread_safe (0.3.6)
    tins (1.15.0)
    tzinfo (1.2.3)
      thread_safe (~> 0.1)
    uuid (2.3.8)
      macaddr (~> 1.0)
    webmock (3.0.1)
      addressable (>= 2.3.6)
      crack (>= 0.3.2)
      hashdiff

PLATFORMS
  ruby

DEPENDENCIES
  awesome_print
  cane (~> 2.3.0)
  factory_girl (~> 4.1.0)
  health-data-standards!
  minitest (~> 5.3)
  minitest-reporters
  pry (~> 0.9.10)
  pry-nav (~> 0.2.2)
  rake
  simplecov
  tailor (~> 1.1.2)
  webmock

BUNDLED WITH
   1.15.3
